GEM
  remote: https://rubygems.org/
  specs:
    coderay (1.1.0)
    dotenv (2.0.0)
    ethon (0.7.3)
      ffi (>= 1.3.0)
    faraday (0.9.1)
      multipart-post (>= 1.2, < 3)
    ffi (1.9.6)
    hashie (3.4.0)
    inflection (1.0.0)
    json (1.8.2)
    method_source (0.8.2)
    mime-types (2.4.3)
    multi_json (1.11.0)
    multipart-post (2.0.0)
    pry (0.10.1)
      coderay (~> 1.1.0)
      method_source (~> 0.8.1)
      slop (~> 3.4)
    rbeautify (0.0.7)
    slop (3.6.0)
    typhoeus (0.7.1)
      ethon (>= 0.7.1)
    zendesk_api (1.6.0)
      faraday (~> 0.9)
      hashie (>= 1.2, < 4.0)
      inflection
      mime-types
      multi_json
      multipart-post (~> 2.0)

PLATFORMS
  ruby

DEPENDENCIES
  dotenv
  json
  pry
  rbeautify
  typhoeus
  zendesk_api
